GEM
  remote: http://rubygems.org/
  specs:
    activesupport (3.0.7)
    addressable (2.2.4)
    bcrypt-ruby (2.1.4)
    cutest (1.1.2)
    dm-core (1.1.0)
      addressable (~> 2.2.4)
    dm-redis-adapter (0.4.0)
      dm-core (>= 1.1.0)
      dm-types (>= 1.1.0)
      hiredis (~> 0.3.0)
      redis (~> 2.2)
    dm-serializer (1.1.0)
      dm-core (~> 1.1.0)
      fastercsv (~> 1.5.4)
      json (~> 1.4.6)
    dm-timestamps (1.1.0)
      dm-core (~> 1.1.0)
    dm-types (1.1.0)
      bcrypt-ruby (~> 2.1.4)
      dm-core (~> 1.1.0)
      fastercsv (~> 1.5.4)
      json (~> 1.4.6)
      stringex (~> 1.2.0)
      uuidtools (~> 2.1.2)
    eventmachine (0.12.10)
    fastercsv (1.5.4)
    hashie (1.0.0)
    hiredis (0.3.2)
    json (1.4.6)
    redis (2.2.0)
    stringex (1.2.1)
    system_timer (1.0)
    uuidtools (2.1.2)

PLATFORMS
  ruby

DEPENDENCIES
  activesupport
  cutest (~> 1.1)
  dm-core (~> 1.1.0)
  dm-redis-adapter
  dm-serializer (~> 1.1.0)
  dm-timestamps (~> 1.1.0)
  eventmachine
  hashie
  system_timer
