GEM
  remote: http://rubygems.org/
  specs:
    activesupport (3.0.7)
    cutest (1.1.2)
    nest (1.1.0)
      redis (~> 2.1)
    ohm (0.1.3)
      nest (~> 1.0)
    ohm-contrib (0.1.1)
      ohm
    redis (2.2.0)

PLATFORMS
  ruby

DEPENDENCIES
  activesupport
  cutest (~> 1.1)
  ohm (~> 0.1.3)
  ohm-contrib
