GEM
  remote: http://rubygems.org/
  specs:
    activesupport (3.0.7)
    addressable (2.2.4)
    cutest (1.1.2)
    dm-core (1.1.0)
      addressable (~> 2.2.4)
    dm-serializer (1.1.0)
      dm-core (~> 1.1.0)
      fastercsv (~> 1.5.4)
      json (~> 1.4.6)
    dm-timestamps (1.1.0)
      dm-core (~> 1.1.0)
    fastercsv (1.5.4)
    json (1.4.6)

PLATFORMS
  ruby

DEPENDENCIES
  activesupport
  cutest (~> 1.1)
  dm-core (~> 1.1.0)
  dm-serializer (~> 1.1.0)
  dm-timestamps (~> 1.1.0)
